GEM
  remote: https://rubygems.org/
  specs:
    backports (3.6.8)
    byebug (9.0.6)
    coderay (1.1.1)
    daemons (1.2.4)
    eventmachine (1.2.1)
    foreman (0.82.0)
      thor (~> 0.19.1)
    method_source (0.8.2)
    multi_json (1.12.1)
    pry (0.10.4)
      coderay (~> 1.1.0)
      method_source (~> 0.8.1)
      slop (~> 3.4)
    pry-byebug (3.4.2)
      byebug (~> 9.0)
      pry (~> 0.10)
    pry-doc (0.10.0)
      pry (~> 0.9)
      yard (~> 0.9)
    rack (1.6.5)
    rack-protection (1.5.3)
      rack
    rack-test (0.6.3)
      rack (>= 1.0)
    sinatra (1.4.7)
      rack (~> 1.5)
      rack-protection (~> 1.4)
      tilt (>= 1.3, < 3)
    sinatra-contrib (1.4.7)
      backports (>= 2.0)
      multi_json
      rack-protection
      rack-test
      sinatra (~> 1.4.0)
      tilt (>= 1.3, < 3)
    slop (3.6.0)
    thin (1.7.0)
      daemons (~> 1.0, >= 1.0.9)
      eventmachine (~> 1.0, >= 1.0.4)
      rack (>= 1, < 3)
    thor (0.19.4)
    tilt (2.0.5)
    yard (0.9.6)

PLATFORMS
  ruby

DEPENDENCIES
  foreman
  pry
  pry-byebug
  pry-doc
  sinatra
  sinatra-contrib
  thin

BUNDLED WITH
   1.13.7
